GEM
  remote: https://rubygems.org/
  specs:
    aws-sdk (1.59.0)
      aws-sdk-v1 (= 1.59.0)
    aws-sdk-v1 (1.59.0)
      json (~> 1.4)
      nokogiri (>= 1.4.4)
    deep_merge (1.0.1)
    json (1.8.1)
    logglier (0.2.11)
    mini_portile (0.6.1)
    multi_json (1.10.1)
    nokogiri (1.6.4.1)
      mini_portile (~> 0.6.0)
    parallel (1.3.3)
    pg (0.17.1)
    rubyzip (1.1.6)

PLATFORMS
  ruby

DEPENDENCIES
  aws-sdk
  deep_merge
  logglier
  multi_json
  parallel
  pg
  rubyzip
